PATH
  remote: .
  specs:
    mongoid-plugins (0.0.1)
      bson_ext (~> 1.3)
      mongoid (~> 2.0)

GEM
  remote: http://rubygems.org/
  specs:
    activemodel (3.1.1)
      activesupport (= 3.1.1)
      builder (~> 3.0.0)
      i18n (~> 0.6)
    activesupport (3.1.1)
      multi_json (~> 1.0)
    bson (1.4.0)
    bson_ext (1.4.0)
    builder (3.0.0)
    diff-lcs (1.1.3)
    i18n (0.6.0)
    mongo (1.4.0)
      bson (= 1.4.0)
    mongoid (2.3.3)
      activemodel (~> 3.1)
      mongo (~> 1.3)
      tzinfo (~> 0.3.22)
    mongoid-rspec (1.4.4)
      mongoid (~> 2.0)
      rspec (~> 2)
    multi_json (1.0.3)
    rspec (2.7.0)
      rspec-core (~> 2.7.0)
      rspec-expectations (~> 2.7.0)
      rspec-mocks (~> 2.7.0)
    rspec-core (2.7.1)
    rspec-expectations (2.7.0)
      diff-lcs (~> 1.1.2)
    rspec-mocks (2.7.0)
    tzinfo (0.3.30)

PLATFORMS
  ruby

DEPENDENCIES
  mongoid-plugins!
  mongoid-rspec (~> 1.4)
  rspec (~> 2.0)
